GEM
  remote: http://rubygems.org/
  specs:
    haml (3.1.6)
    json (1.7.3)
    kgio (2.7.4)
    rack (1.4.1)
    rack-protection (1.2.0)
      rack
    raindrops (0.10.0)
    sinatra (1.3.2)
      rack (~> 1.3, >= 1.3.6)
      rack-protection (~> 1.2)
      tilt (~> 1.3, >= 1.3.3)
    tilt (1.3.3)
    unicorn (4.3.1)
      kgio (~> 2.6)
      rack
      raindrops (~> 0.7)
    whois (2.6.3)

PLATFORMS
  ruby

DEPENDENCIES
  haml
  json
  sinatra
  unicorn
  whois
